PATH
  remote: .
  specs:
    css-convert (0.0.1)
      treetop (>= 1.4.9)

GEM
  remote: http://rubygems.org/
  specs:
    diff-lcs (1.1.2)
    polyglot (0.3.1)
    rspec (2.3.0)
      rspec-core (~> 2.3.0)
      rspec-expectations (~> 2.3.0)
      rspec-mocks (~> 2.3.0)
    rspec-core (2.3.0)
    rspec-expectations (2.3.0)
      diff-lcs (~> 1.1.2)
    rspec-mocks (2.3.0)
    treetop (1.4.9)
      polyglot (>= 0.3.1)

PLATFORMS
  ruby

DEPENDENCIES
  css-convert!
  rspec (>= 2.3.0)
  treetop (>= 1.4.9)
