PATH
  remote: .
  specs:
    css-convert (0.0.1)
      treetop (>= 1.4.9)

GEM
  remote: http://rubygems.org/
  specs:
    columnize (0.3.2)
    diff-lcs (1.1.2)
    linecache (0.43)
    polyglot (0.3.1)
    rake (0.8.7)
    rspec (2.3.0)
      rspec-core (~> 2.3.0)
      rspec-expectations (~> 2.3.0)
      rspec-mocks (~> 2.3.0)
    rspec-core (2.3.0)
    rspec-expectations (2.3.0)
      diff-lcs (~> 1.1.2)
    rspec-mocks (2.3.0)
    ruby-debug (0.10.4)
      columnize (>= 0.1)
      ruby-debug-base (~> 0.10.4.0)
    ruby-debug-base (0.10.4)
      linecache (>= 0.3)
    treetop (1.4.9)
      polyglot (>= 0.3.1)

PLATFORMS
  ruby

DEPENDENCIES
  css-convert!
  rake (>= 0.8.7)
  rspec (>= 2.3.0)
  ruby-debug
  treetop (>= 1.4.9)
